GEM
  remote: https://rubygems.org/
  specs:
    coderay (1.1.1)
    dotenv (2.2.0)
    httparty (0.14.0)
      multi_xml (>= 0.5.2)
    method_source (0.8.2)
    multi_xml (0.6.0)
    pry (0.10.4)
      coderay (~> 1.1.0)
      method_source (~> 0.8.1)
      slop (~> 3.4)
    sequel (4.45.0)
    slop (3.6.0)
    sqlite3 (1.3.13)

PLATFORMS
  ruby

DEPENDENCIES
  dotenv
  httparty
  pry
  sequel (~> 4.45.0)
  sqlite3

BUNDLED WITH
   1.14.6
