GIT
  remote: https://github.com/muffinista/chatterbot.git
  revision: 3bb486609db432d95b9dfd78f977f5a13886699f
  specs:
    chatterbot (2.0.4)
      colorize (>= 0.7.3)
      launchy (>= 2.4.2)
      oauth (~> 0.4.7)
      twitter (~> 6.1.0)

GEM
  remote: https://rubygems.org/
  specs:
    addressable (2.5.1)
      public_suffix (~> 2.0, >= 2.0.2)
    buftok (0.2.0)
    coderay (1.1.1)
    colorize (0.8.1)
    domain_name (0.5.20170404)
      unf (>= 0.0.5, < 1.0.0)
    dotenv (2.2.0)
    equalizer (0.0.11)
    faraday (0.11.0)
      multipart-post (>= 1.2, < 3)
    http (2.2.1)
      addressable (~> 2.3)
      http-cookie (~> 1.0)
      http-form_data (~> 1.0.1)
      http_parser.rb (~> 0.6.0)
    http-cookie (1.0.3)
      domain_name (~> 0.5)
    http-form_data (1.0.1)
    http_parser.rb (0.6.0)
    httparty (0.14.0)
      multi_xml (>= 0.5.2)
    launchy (2.4.3)
      addressable (~> 2.3)
    memoizable (0.4.2)
      thread_safe (~> 0.3, >= 0.3.1)
    method_source (0.8.2)
    multi_xml (0.6.0)
    multipart-post (2.0.0)
    naught (1.1.0)
    oauth (0.4.7)
    pry (0.10.4)
      coderay (~> 1.1.0)
      method_source (~> 0.8.1)
      slop (~> 3.4)
    public_suffix (2.0.5)
    simple_oauth (0.3.1)
    slop (3.6.0)
    thread_safe (0.3.6)
    twitter (6.1.0)
      addressable (~> 2.5)
      buftok (~> 0.2.0)
      equalizer (= 0.0.11)
      faraday (~> 0.11.0)
      http (~> 2.1)
      http_parser.rb (~> 0.6.0)
      memoizable (~> 0.4.2)
      naught (~> 1.1)
      simple_oauth (~> 0.3.1)
    unf (0.1.4)
      unf_ext
    unf_ext (0.0.7.4)

PLATFORMS
  ruby

DEPENDENCIES
  chatterbot!
  dotenv
  httparty
  pry

BUNDLED WITH
   1.14.6
